PATH
  remote: ../rulers
  specs:
    rulers (0.0.3)
      rack (~> 2.2)

GEM
  remote: https://rubygems.org/
  specs:
    rack (2.2.6.4)

PLATFORMS
  x86_64-linux

DEPENDENCIES
  rulers!

BUNDLED WITH
   2.3.16
